PATH
  remote: .
  specs:
    onchain (2.1.5)
      bitcoin-ruby
      chain-ruby (~> 2.0.1)
      httparty
      money-tree

GEM
  remote: https://rubygems.org/
  specs:
    bitcoin-ruby (0.0.6)
    chain-bitcoin-ruby (0.0.1)
    chain-ruby (2.0.1)
      chain-bitcoin-ruby (= 0.0.1)
    diff-lcs (1.2.5)
    ffi (1.9.6)
    httparty (0.13.3)
      json (~> 1.8)
      multi_xml (>= 0.5.2)
    json (1.8.2)
    money-tree (0.8.8)
      ffi
    multi_xml (0.5.5)
    rake (10.4.2)
    rspec (3.1.0)
      rspec-core (~> 3.1.0)
      rspec-expectations (~> 3.1.0)
      rspec-mocks (~> 3.1.0)
    rspec-core (3.1.7)
      rspec-support (~> 3.1.0)
    rspec-expectations (3.1.2)
      diff-lcs (>= 1.2.0, < 2.0)
      rspec-support (~> 3.1.0)
    rspec-mocks (3.1.3)
      rspec-support (~> 3.1.0)
    rspec-support (3.1.2)

PLATFORMS
  ruby

DEPENDENCIES
  onchain!
  rake
  rspec (~> 3.1.0)
